GIT
  remote: git://github.com/activerecord-hackery/polyamorous.git
  revision: d41fc35b4fc396307e2ff2e9b10f3b574fc5fbe4
  specs:
    polyamorous (1.1.0)
      activerecord (>= 3.0)

GIT
  remote: git://github.com/decioferreira/bootstrap-generators.git
  revision: 8627bb97720bbad9b037faba92382759ff68706d
  specs:
    bootstrap-generators (3.2.0)
      railties (>= 3.1.0)

GIT
  remote: git://github.com/gregbell/active_admin.git
  revision: 8299dee5bd08c78cea7d216382dfc183fef60934
  specs:
    activeadmin (1.0.0.pre)
      arbre (~> 1.0, >= 1.0.2)
      bourbon
      coffee-rails
      formtastic (~> 3.0)
      inherited_resources (~> 1.4.1)
      jquery-rails
      jquery-ui-rails (~> 5.0)
      kaminari (~> 0.15)
      rails (>= 3.2, < 4.2)
      ransack (~> 1.3)
      sass-rails

GIT
  remote: git://github.com/seyhunak/twitter-bootstrap-rails.git
  revision: 1d93c5a77049b3d21d17c847ad0531d7714fa229
  branch: bootstrap3
  specs:
    twitter-bootstrap-rails (3.1.1)
      actionpack (>= 3.1)
      execjs
      rails (>= 3.1)
      railties (>= 3.1)

GIT
  remote: https://github.com/thomas-mcdonald/bootstrap-sass.git
  revision: c9f2e89f826db06e058ac2a97da4dd7fd6b10ccc
  specs:
    bootstrap-sass (3.2.0.2)
      sass (~> 3.2)

GEM
  remote: https://rubygems.org/
  specs:
    actionmailer (4.0.4)
      actionpack (= 4.0.4)
      mail (~> 2.5.4)
    actionpack (4.0.4)
      activesupport (= 4.0.4)
      builder (~> 3.1.0)
      erubis (~> 2.7.0)
      rack (~> 1.5.2)
      rack-test (~> 0.6.2)
    activemodel (4.0.4)
      activesupport (= 4.0.4)
      builder (~> 3.1.0)
    activerecord (4.0.4)
      activemodel (= 4.0.4)
      activerecord-deprecated_finders (~> 1.0.2)
      activesupport (= 4.0.4)
      arel (~> 4.0.0)
    activerecord-deprecated_finders (1.0.3)
    activesupport (4.0.4)
      i18n (~> 0.6, >= 0.6.9)
      minitest (~> 4.2)
      multi_json (~> 1.3)
      thread_safe (~> 0.1)
      tzinfo (~> 0.3.37)
    acts-as-taggable-on (3.4.2)
      activerecord (>= 3.2, < 5)
    acts_as_commentable (4.0.1)
    arbre (1.0.2)
      activesupport (>= 3.0.0)
    arel (4.0.2)
    bcrypt (3.1.7)
    better_errors (2.0.0)
      coderay (>= 1.0.0)
      erubis (>= 2.6.6)
      rack (>= 0.9.0)
    binding_of_caller (0.7.2)
      debug_inspector (>= 0.0.1)
    bourbon (3.2.3)
      sass (~> 3.2)
      thor
    builder (3.1.4)
    callsite (0.0.11)
    cancan (1.6.10)
    capybara (2.4.3)
      mime-types (>= 1.16)
      nokogiri (>= 1.3.3)
      rack (>= 1.0.0)
      rack-test (>= 0.5.4)
      xpath (~> 2.0)
    carrierwave (0.10.0)
      activemodel (>= 3.2.0)
      activesupport (>= 3.2.0)
      json (>= 1.7)
      mime-types (>= 1.16)
    celluloid (0.16.0)
      timers (~> 4.0.0)
    childprocess (0.5.3)
      ffi (~> 1.0, >= 1.0.11)
    choice (0.1.6)
    climate_control (0.0.3)
      activesupport (>= 3.0)
    cocaine (0.5.4)
      climate_control (>= 0.0.3, < 1.0)
    coderay (1.1.0)
    coffee-rails (4.0.1)
      coffee-script (>= 2.2.0)
      railties (>= 4.0.0, < 5.0)
    coffee-script (2.2.0)
      coffee-script-source
      execjs
    coffee-script-source (1.8.0)
    debug_inspector (0.0.2)
    devise (3.3.0)
      bcrypt (~> 3.0)
      orm_adapter (~> 0.1)
      railties (>= 3.2.6, < 5)
      thread_safe (~> 0.1)
      warden (~> 1.2.3)
    diff-lcs (1.2.5)
    dropzonejs-rails (0.5.1)
      rails (> 3.1)
    ejs (1.1.1)
    erubis (2.7.0)
    execjs (2.2.1)
    factory_girl (4.4.0)
      activesupport (>= 3.0.0)
    factory_girl_rails (4.4.1)
      factory_girl (~> 4.4.0)
      railties (>= 3.0.0)
    faraday (0.9.0)
      multipart-post (>= 1.2, < 3)
    ffi (1.9.5)
    font-awesome-rails (4.2.0.0)
      railties (>= 3.2, < 5.0)
    foreigner (1.6.1)
      activerecord (>= 3.0.0)
    formatador (0.2.5)
    formtastic (3.0.0)
      actionpack (>= 3.2.13)
    friendly_id (5.0.4)
      activerecord (>= 4.0.0)
    growl (1.0.3)
    guard (2.6.1)
      formatador (>= 0.2.4)
      listen (~> 2.7)
      lumberjack (~> 1.0)
      pry (>= 0.9.12)
      thor (>= 0.18.1)
    guard-rspec (4.3.1)
      guard (~> 2.1)
      rspec (>= 2.14, < 4.0)
    guard-spork (1.5.1)
      childprocess (>= 0.2.3)
      guard (>= 1.1)
      spork (>= 0.8.4)
    has_scope (0.6.0.rc)
      actionpack (>= 3.2, < 5)
      activesupport (>= 3.2, < 5)
    hashie (3.3.1)
    hike (1.2.3)
    hirb (0.7.2)
    hirb-unicode (0.0.5)
      hirb (~> 0.5)
      unicode-display_width (~> 0.1.1)
    hitimes (1.2.2)
    i18n (0.6.11)
    inherited_resources (1.4.1)
      has_scope (~> 0.6.0.rc)
      responders (~> 1.0.0.rc)
    jbuilder (1.5.3)
      activesupport (>= 3.0.0)
      multi_json (>= 1.2.0)
    jquery-rails (2.1.4)
      railties (>= 3.0, < 5.0)
      thor (>= 0.14, < 2.0)
    jquery-ui-rails (5.0.0)
      railties (>= 3.2.16)
    json (1.8.1)
    jwt (1.0.0)
    kaminari (0.16.1)
      actionpack (>= 3.0.0)
      activesupport (>= 3.0.0)
    libnotify (0.8.3)
      ffi (>= 1.0.11)
    libv8 (3.16.14.7)
    listen (2.7.11)
      celluloid (>= 0.15.2)
      rb-fsevent (>= 0.9.3)
      rb-inotify (>= 0.9)
    lumberjack (1.0.9)
    mail (2.5.4)
      mime-types (~> 1.16)
      treetop (~> 1.4.8)
    meta_request (0.3.4)
      callsite (~> 0.0, >= 0.0.11)
      rack-contrib (~> 1.1)
      railties (>= 3.0.0, < 5.0.0)
    method_source (0.8.2)
    mime-types (1.25.1)
    mini_magick (3.8.1)
      subexec (~> 0.2.1)
    mini_portile (0.6.0)
    minitest (4.7.5)
    multi_json (1.10.1)
    multi_xml (0.5.5)
    multipart-post (2.0.0)
    mysql2 (0.3.16)
    nokogiri (1.6.3.1)
      mini_portile (= 0.6.0)
    oauth (0.4.7)
    oauth2 (1.0.0)
      faraday (>= 0.8, < 0.10)
      jwt (~> 1.0)
      multi_json (~> 1.3)
      multi_xml (~> 0.5)
      rack (~> 1.2)
    omniauth (1.2.2)
      hashie (>= 1.2, < 4)
      rack (~> 1.0)
    omniauth-facebook (2.0.0)
      omniauth-oauth2 (~> 1.2)
    omniauth-google-oauth2 (0.2.5)
      omniauth (> 1.0)
      omniauth-oauth2 (~> 1.1)
    omniauth-oauth (1.0.1)
      oauth
      omniauth (~> 1.0)
    omniauth-oauth2 (1.2.0)
      faraday (>= 0.8, < 0.10)
      multi_json (~> 1.3)
      oauth2 (~> 1.0)
      omniauth (~> 1.2)
    omniauth-twitter (1.0.1)
      multi_json (~> 1.3)
      omniauth-oauth (~> 1.0)
    orm_adapter (0.5.0)
    paperclip (4.2.0)
      activemodel (>= 3.0.0)
      activesupport (>= 3.0.0)
      cocaine (~> 0.5.3)
      mime-types
    party_boy (0.3.4)
    pg (0.17.1)
    polyglot (0.3.5)
    posix-spawn (0.3.9)
    pry (0.9.12.6)
      coderay (~> 1.0)
      method_source (~> 0.8)
      slop (~> 3.4)
    pry-rails (0.3.2)
      pry (>= 0.9.10)
    public_activity (1.4.2)
      actionpack (>= 3.0.0)
      activerecord (>= 3.0)
      i18n (>= 0.5.0)
      railties (>= 3.0.0)
    pygments.rb (0.6.0)
      posix-spawn (~> 0.3.6)
      yajl-ruby (~> 1.1.0)
    quiet_assets (1.0.3)
      railties (>= 3.1, < 5.0)
    rack (1.5.2)
    rack-contrib (1.1.0)
      rack (>= 0.9.1)
    rack-test (0.6.2)
      rack (>= 1.0)
    rails (4.0.4)
      actionmailer (= 4.0.4)
      actionpack (= 4.0.4)
      activerecord (= 4.0.4)
      activesupport (= 4.0.4)
      bundler (>= 1.3.0, < 2.0)
      railties (= 4.0.4)
      sprockets-rails (~> 2.0.0)
    rails-backbone (0.9.10)
      coffee-script (~> 2.2.0)
      ejs (~> 1.1.1)
      jquery-rails (~> 2.1.3)
      railties (>= 3.1.0)
    rails-erd (1.1.0)
      activerecord (>= 3.0)
      activesupport (>= 3.0)
      choice (~> 0.1.6)
      ruby-graphviz (~> 1.0.4)
    rails_12factor (0.0.2)
      rails_serve_static_assets
      rails_stdout_logging
    rails_config (0.4.2)
      activesupport (>= 3.0)
    rails_serve_static_assets (0.0.2)
    rails_stdout_logging (0.0.3)
    railties (4.0.4)
      actionpack (= 4.0.4)
      activesupport (= 4.0.4)
      rake (>= 0.8.7)
      thor (>= 0.18.1, < 2.0)
    rake (10.3.2)
    ransack (1.4.1)
      actionpack (>= 3.0)
      activerecord (>= 3.0)
      activesupport (>= 3.0)
      i18n
      polyamorous (~> 1.1)
    rb-fsevent (0.9.4)
    rb-inotify (0.9.5)
      ffi (>= 0.5.0)
    rdoc (4.1.2)
      json (~> 1.4)
    redcarpet (3.1.2)
    reditor (0.1.1)
      thor (>= 0.15.4)
    ref (1.0.5)
    responders (1.0.0)
      railties (>= 3.2, < 5)
    rmagick (2.13.3)
    rspec (3.1.0)
      rspec-core (~> 3.1.0)
      rspec-expectations (~> 3.1.0)
      rspec-mocks (~> 3.1.0)
    rspec-core (3.1.5)
      rspec-support (~> 3.1.0)
    rspec-expectations (3.1.2)
      diff-lcs (>= 1.2.0, < 2.0)
      rspec-support (~> 3.1.0)
    rspec-mocks (3.1.2)
      rspec-support (~> 3.1.0)
    rspec-rails (3.1.0)
      actionpack (>= 3.0)
      activesupport (>= 3.0)
      railties (>= 3.0)
      rspec-core (~> 3.1.0)
      rspec-expectations (~> 3.1.0)
      rspec-mocks (~> 3.1.0)
      rspec-support (~> 3.1.0)
    rspec-support (3.1.1)
    ruby-graphviz (1.0.9)
    sass (3.2.19)
    sass-rails (4.0.3)
      railties (>= 4.0.0, < 5.0)
      sass (~> 3.2.0)
      sprockets (~> 2.8, <= 2.11.0)
      sprockets-rails (~> 2.0)
    sdoc (0.4.1)
      json (~> 1.7, >= 1.7.7)
      rdoc (~> 4.0)
    sextant (0.2.4)
      rails (>= 3.2)
    shoulda-matchers (2.7.0)
      activesupport (>= 3.0.0)
    slop (3.6.0)
    spork (0.9.2)
    sprockets (2.11.0)
      hike (~> 1.2)
      multi_json (~> 1.0)
      rack (~> 1.0)
      tilt (~> 1.1, != 1.3.0)
    sprockets-rails (2.0.1)
      actionpack (>= 3.0)
      activesupport (>= 3.0)
      sprockets (~> 2.8)
    subexec (0.2.3)
    therubyracer (0.12.1)
      libv8 (~> 3.16.14.0)
      ref
    thor (0.19.1)
    thread_safe (0.3.4)
    tilt (1.4.1)
    timers (4.0.1)
      hitimes
    treetop (1.4.15)
      polyglot
      polyglot (>= 0.3.1)
    turbolinks (2.3.0)
      coffee-rails
    tzinfo (0.3.41)
    uglifier (2.5.3)
      execjs (>= 0.3.0)
      json (>= 1.8.0)
    underscore-rails (1.7.0)
    unicode-display_width (0.1.1)
    warden (1.2.3)
      rack (>= 1.0)
    web-console (1.0.4)
      activemodel (~> 4.0)
      railties (~> 4.0)
      sprockets-rails (~> 2.0)
    xpath (2.0.0)
      nokogiri (~> 1.3)
    yajl-ruby (1.1.0)
    zurui-sass-rails (0.0.4)
      railties (>= 3.1)

PLATFORMS
  ruby

DEPENDENCIES
  activeadmin!
  acts-as-taggable-on
  acts_as_commentable
  better_errors
  binding_of_caller
  bootstrap-generators!
  bootstrap-sass!
  bourbon
  cancan
  capybara
  carrierwave
  coffee-rails (~> 4.0.0)
  devise
  dropzonejs-rails
  factory_girl_rails
  font-awesome-rails
  foreigner
  friendly_id
  growl
  guard
  guard-rspec
  guard-spork
  hirb
  hirb-unicode
  jbuilder (~> 1.2)
  jquery-rails
  libnotify
  meta_request
  mime-types
  mini_magick
  minitest
  mysql2
  nokogiri
  omniauth
  omniauth-facebook
  omniauth-google-oauth2
  omniauth-twitter
  paperclip
  party_boy
  pg
  polyamorous!
  pry (< 0.10.0)
  pry-rails
  public_activity
  pygments.rb
  quiet_assets
  rails (= 4.0.4)
  rails-backbone
  rails-erd
  rails_12factor
  rails_config
  ransack
  redcarpet
  reditor
  rmagick
  rspec
  rspec-rails
  sass-rails (~> 4.0.0)
  sdoc
  sextant
  shoulda-matchers
  spork
  therubyracer
  turbolinks
  twitter-bootstrap-rails!
  uglifier (>= 1.3.0)
  underscore-rails
  web-console
  zurui-sass-rails
